PATH
  remote: gem
  specs:
    sii_chile (0.1.4)
      faraday
      nokogiri

GEM
  remote: https://rubygems.org/
  specs:
    dalli (2.6.0)
    diff-lcs (1.2.5)
    faraday (0.8.4)
      multipart-post (~> 1.1)
    memcachier (0.0.2)
    multi_json (1.5.0)
    multipart-post (1.1.5)
    newrelic_rpm (3.5.5.38)
    nokogiri (1.5.6)
    puma (1.6.3)
      rack (~> 1.2)
    rack (1.4.3)
    rack-contrib (1.1.0)
      rack (>= 0.9.1)
    rack-protection (1.3.2)
      rack
    rspec (3.4.0)
      rspec-core (~> 3.4.0)
      rspec-expectations (~> 3.4.0)
      rspec-mocks (~> 3.4.0)
    rspec-core (3.4.4)
      rspec-support (~> 3.4.0)
    rspec-expectations (3.4.0)
      diff-lcs (>= 1.2.0, < 2.0)
      rspec-support (~> 3.4.0)
    rspec-mocks (3.4.1)
      diff-lcs (>= 1.2.0, < 2.0)
      rspec-support (~> 3.4.0)
    rspec-support (3.4.1)
    sinatra (1.3.3)
      rack (~> 1.3, >= 1.3.6)
      rack-protection (~> 1.2)
      tilt (~> 1.3, >= 1.3.3)
    statsmix (1.0.0)
    tilt (1.3.3)

PLATFORMS
  ruby

DEPENDENCIES
  dalli
  memcachier
  multi_json
  newrelic_rpm
  puma
  rack-contrib
  rspec (~> 3.4.0)
  sii_chile!
  sinatra
  statsmix
