PATH
  remote: gem
  specs:
    sii_chile (0.1.1)
      faraday
      nokogiri

GEM
  remote: https://rubygems.org/
  specs:
    dalli (2.6.0)
    faraday (0.8.4)
      multipart-post (~> 1.1)
    multi_json (1.5.0)
    multipart-post (1.1.5)
    nokogiri (1.5.6)
    puma (1.6.3)
      rack (~> 1.2)
    rack (1.4.3)
    rack-contrib (1.1.0)
      rack (>= 0.9.1)
    rack-protection (1.3.2)
      rack
    sinatra (1.3.3)
      rack (~> 1.3, >= 1.3.6)
      rack-protection (~> 1.2)
      tilt (~> 1.3, >= 1.3.3)
    tilt (1.3.3)

PLATFORMS
  ruby

DEPENDENCIES
  dalli
  multi_json
  puma
  rack-contrib
  sii_chile!
  sinatra
